PATH
  remote: .
  specs:
    lgit (0.5.0)

GEM
  remote: https://rubygems.org/
  specs:
    minitest (5.11.3)
    rake (13.0.1)

PLATFORMS
  ruby
  x64-mingw32

DEPENDENCIES
  bundler (~> 1.16)
  lgit!
  minitest (~> 5.0)
  rake (~> 13.0)

BUNDLED WITH
   1.17.3
